PATH
  remote: ../../
  specs:
    omniauth-launchpad (0.0.1)
      multi_json (~> 1.3)
      omniauth (>= 1.1.1)
      omniauth-oauth (>= 1.0.1)

GEM
  remote: http://rubygems.org/
  specs:
    hashie (3.4.1)
    multi_json (1.11.0)
    oauth (0.4.7)
    omniauth (1.2.2)
      hashie (>= 1.2, < 4)
      rack (~> 1.0)
    omniauth-oauth (1.0.1)
      oauth
      omniauth (~> 1.0)
    rack (1.6.0)
    rack-protection (1.5.3)
      rack
    sinatra (1.4.6)
      rack (~> 1.4)
      rack-protection (~> 1.4)
      tilt (>= 1.3, < 3)
    tilt (2.0.1)

PLATFORMS
  ruby

DEPENDENCIES
  omniauth
  omniauth-launchpad!
  sinatra
